PATH
  remote: .
  specs:
    spira (0.3.0)
      activemodel (>= 3)
      activesupport (>= 3)
      promise (>= 0.3.0)
      rdf (~> 0.3.11)
      rdf-isomorphic (~> 0.3.4)

GEM
  remote: http://rubygems.org/
  specs:
    activemodel (3.2.12)
      activesupport (= 3.2.12)
      builder (~> 3.0.0)
    activesupport (3.2.12)
      i18n (~> 0.6)
      multi_json (~> 1.0)
    addressable (2.3.3)
    builder (3.0.4)
    diff-lcs (1.1.3)
    guard (1.2.3)
      listen (>= 0.4.2)
      thor (>= 0.14.6)
    guard-ctags-bundler (0.1.6)
      guard (>= 1.1)
    guard-rspec (1.1.0)
      guard (>= 1.1)
    i18n (0.6.1)
    listen (0.7.2)
    multi_json (1.6.1)
    promise (0.3.0)
    rake (10.0.3)
    rdf (0.3.11.1)
      addressable (>= 2.2.6)
    rdf-isomorphic (0.3.4)
      rdf (>= 0.2.3)
    rdf-spec (0.3.11)
      rspec (>= 2.12.0)
    rspec (2.12.0)
      rspec-core (~> 2.12.0)
      rspec-expectations (~> 2.12.0)
      rspec-mocks (~> 2.12.0)
    rspec-core (2.12.2)
    rspec-expectations (2.12.1)
      diff-lcs (~> 1.1.3)
    rspec-mocks (2.12.2)
    thor (0.17.0)
    yard (0.8.4.1)

PLATFORMS
  ruby

DEPENDENCIES
  guard (~> 1.2.3)
  guard-ctags-bundler (~> 0.1.1)
  guard-rspec (~> 1.1.0)
  rake
  rdf-spec (~> 0.3.11)
  rspec (~> 2.12.0)
  spira!
  yard (~> 0.8.3)
